PATH
  remote: .
  specs:
    object_inspector (0.2.0)

GEM
  remote: https://rubygems.org/
  specs:
    ansi (1.5.0)
    benchmark-ips (2.7.2)
    builder (3.2.3)
    byebug (10.0.2)
    coderay (1.1.2)
    docile (1.3.0)
    json (2.1.0)
    method_source (0.9.0)
    minitest (5.11.3)
    minitest-reporters (1.2.0)
      ansi
      builder
      minitest (>= 5.0)
      ruby-progressbar
    object_identifier (0.1.0)
    pry (0.11.3)
      coderay (~> 1.1.0)
      method_source (~> 0.9.0)
    pry-byebug (3.6.0)
      byebug (~> 10.0)
      pry (~> 0.10)
    rake (10.4.2)
    ruby-progressbar (1.9.0)
    simplecov (0.16.1)
      docile (~> 1.1)
      json (>= 1.8, < 3)
      simplecov-html (~> 0.10.0)
    simplecov-html (0.10.2)

PLATFORMS
  ruby

DEPENDENCIES
  benchmark-ips (~> 2.7)
  bundler (~> 1.16)
  byebug (~> 10.0)
  minitest (~> 5.0)
  minitest-reporters (~> 1.2)
  object_identifier (~> 0.1)
  object_inspector!
  pry (~> 0.11)
  pry-byebug (~> 3.6)
  rake (~> 10.0)
  simplecov (~> 0.16)

BUNDLED WITH
   1.16.1
